GEM
  remote: http://rubygems.org/
  specs:
    concurrent-ruby (0.9.1)
    concurrent-ruby-edge (0.1.1)
      concurrent-ruby (~> 0.9.1)
    concurrent-ruby-ext (0.9.1)
      concurrent-ruby (~> 0.9.1)
    log4r (1.1.10)

PLATFORMS
  ruby

DEPENDENCIES
  concurrent-ruby-edge
  concurrent-ruby-ext
  log4r
